GEM
  remote: http://rubygems.org/
  specs:
    addressable (2.2.6)
    chunky_png (1.2.5)
    compass (0.11.5)
      chunky_png (~> 1.2)
      fssm (>= 0.2.7)
      sass (~> 3.1)
    fssm (0.2.7)
    launchy (2.0.5)
      addressable (~> 2.2.6)
    rake (0.9.2)
    sass (3.1.10)

PLATFORMS
  ruby

DEPENDENCIES
  compass
  launchy
  rake
